GEM
  remote: https://rubygems.org/
  specs:
    actionmailer (4.2.3)
      actionpack (= 4.2.3)
      actionview (= 4.2.3)
      activejob (= 4.2.3)
      mail (~> 2.5, >= 2.5.4)
      rails-dom-testing (~> 1.0, >= 1.0.5)
    actionpack (4.2.3)
      actionview (= 4.2.3)
      activesupport (= 4.2.3)
      rack (~> 1.6)
      rack-test (~> 0.6.2)
      rails-dom-testing (~> 1.0, >= 1.0.5)
      rails-html-sanitizer (~> 1.0, >= 1.0.2)
    actionview (4.2.3)
      activesupport (= 4.2.3)
      builder (~> 3.1)
      erubis (~> 2.7.0)
      rails-dom-testing (~> 1.0, >= 1.0.5)
      rails-html-sanitizer (~> 1.0, >= 1.0.2)
    activejob (4.2.3)
      activesupport (= 4.2.3)
      globalid (>= 0.3.0)
    activemodel (4.2.3)
      activesupport (= 4.2.3)
      builder (~> 3.1)
    activerecord (4.2.3)
      activemodel (= 4.2.3)
      activesupport (= 4.2.3)
      arel (~> 6.0)
    activesupport (4.2.3)
      i18n (~> 0.7)
      json (~> 1.7, >= 1.7.7)
      minitest (~> 5.1)
      thread_safe (~> 0.3, >= 0.3.4)
      tzinfo (~> 1.1)
    arel (6.0.2)
    aws-sdk (2.1.10)
      aws-sdk-resources (= 2.1.10)
    aws-sdk-core (2.1.10)
      jmespath (~> 1.0)
    aws-sdk-resources (2.1.10)
      aws-sdk-core (= 2.1.10)
    binding_of_caller (0.7.2)
      debug_inspector (>= 0.0.1)
    bond (0.5.1)
    builder (3.2.2)
    byebug (5.0.0)
      columnize (= 0.9.0)
    capistrano (2.15.6)
      highline
      net-scp (>= 1.0.0)
      net-sftp (>= 2.0.0)
      net-ssh (>= 2.0.14)
      net-ssh-gateway (>= 1.1.0)
    chronic (0.10.2)
    coderay (1.1.0)
    columnize (0.9.0)
    daemon_controller (1.2.0)
    dalli (2.7.4)
    debug_inspector (0.0.2)
    diff-lcs (1.2.5)
    docile (1.1.5)
    erubis (2.7.0)
    ffi (1.9.10)
    formatador (0.2.5)
    fuubar (2.0.0)
      rspec (~> 3.0)
      ruby-progressbar (~> 1.4)
    globalid (0.3.5)
      activesupport (>= 4.1.0)
    guard (2.13.0)
      formatador (>= 0.2.4)
      listen (>= 2.7, <= 4.0)
      lumberjack (~> 1.0)
      nenv (~> 0.1)
      notiffany (~> 0.0)
      pry (>= 0.9.12)
      shellany (~> 0.0)
      thor (>= 0.18.1)
    guard-bundler (2.1.0)
      bundler (~> 1.0)
      guard (~> 2.2)
      guard-compat (~> 1.1)
    guard-compat (1.2.1)
    guard-rails (0.7.1)
      guard (~> 2.11)
      guard-compat (~> 1.0)
    guard-test (2.0.6)
      guard-compat (~> 1.2)
      test-unit (~> 3.0)
    hashie (3.4.2)
    highline (1.7.2)
    hirb (0.7.3)
    i18n (0.7.0)
    ice_nine (0.11.1)
    interception (0.5)
    jmespath (1.0.2)
      multi_json (~> 1.0)
    json (1.8.3)
    kgio (2.9.3)
    libnotify (0.9.1)
      ffi (>= 1.0.11)
    listen (3.0.3)
      rb-fsevent (>= 0.9.3)
      rb-inotify (>= 0.9)
    logstash-event (1.2.02)
    logstasher (0.6.5)
      logstash-event (~> 1.2.0)
      request_store
    loofah (2.0.2)
      nokogiri (>= 1.5.9)
    lumberjack (1.0.9)
    mail (2.6.3)
      mime-types (>= 1.16, < 3)
    method_source (0.8.2)
    mime-types (2.6.1)
    mini_portile (0.6.2)
    minitest (5.7.0)
    multi_json (1.11.2)
    nenv (0.2.0)
    net-scp (1.2.1)
      net-ssh (>= 2.6.5)
    net-sftp (2.1.2)
      net-ssh (>= 2.6.5)
    net-ssh (2.9.2)
    net-ssh-gateway (1.2.0)
      net-ssh (>= 2.6.5)
    nokogiri (1.6.6.2)
      mini_portile (~> 0.6.0)
    notiffany (0.0.7)
      nenv (~> 0.1)
      shellany (~> 0.0)
    occi-core (4.3.2)
      activesupport (~> 4.0, >= 4.0.0)
      hashie (~> 3.3, >= 3.3.1)
      json (~> 1.8, >= 1.8.1)
      settingslogic (~> 2.0, >= 2.0.9)
      uuidtools (~> 2.1, >= 2.1.3)
    opennebula (4.4.0)
      json
      nokogiri
    ox (2.2.0)
    passenger (4.0.59)
      daemon_controller (>= 1.2.0)
      rack
      rake (>= 0.8.1)
    power_assert (0.2.4)
    pry (0.10.1)
      coderay (~> 1.1.0)
      method_source (~> 0.8.1)
      slop (~> 3.4)
    pry-rails (0.3.4)
      pry (>= 0.9.10)
    pry-rescue (1.4.2)
      interception (>= 0.5)
      pry
    pry-stack_explorer (0.4.9.2)
      binding_of_caller (>= 0.7)
      pry (>= 0.9.11)
    rack (1.6.4)
    rack-cors (0.4.0)
    rack-test (0.6.3)
      rack (>= 1.0)
    rails (4.2.3)
      actionmailer (= 4.2.3)
      actionpack (= 4.2.3)
      actionview (= 4.2.3)
      activejob (= 4.2.3)
      activemodel (= 4.2.3)
      activerecord (= 4.2.3)
      activesupport (= 4.2.3)
      bundler (>= 1.3.0, < 2.0)
      railties (= 4.2.3)
      sprockets-rails
    rails-api (0.4.0)
      actionpack (>= 3.2.11)
      railties (>= 3.2.11)
    rails-deprecated_sanitizer (1.0.3)
      activesupport (>= 4.2.0.alpha)
    rails-dom-testing (1.0.6)
      activesupport (>= 4.2.0.beta, < 5.0)
      nokogiri (~> 1.6.0)
      rails-deprecated_sanitizer (>= 1.0.1)
    rails-html-sanitizer (1.0.2)
      loofah (~> 2.0)
    railties (4.2.3)
      actionpack (= 4.2.3)
      activesupport (= 4.2.3)
      rake (>= 0.8.7)
      thor (>= 0.18.1, < 2.0)
    rake (10.3.2)
    rb-fsevent (0.9.5)
    rb-inotify (0.9.5)
      ffi (>= 0.5.0)
    rdoc (4.2.0)
      json (~> 1.4)
    redcarpet (3.3.2)
    request_store (1.2.0)
    responders (2.1.0)
      railties (>= 4.2.0, < 5)
    rspec (3.2.0)
      rspec-core (~> 3.2.0)
      rspec-expectations (~> 3.2.0)
      rspec-mocks (~> 3.2.0)
    rspec-core (3.2.3)
      rspec-support (~> 3.2.0)
    rspec-expectations (3.2.1)
      diff-lcs (>= 1.2.0, < 2.0)
      rspec-support (~> 3.2.0)
    rspec-mocks (3.2.1)
      diff-lcs (>= 1.2.0, < 2.0)
      rspec-support (~> 3.2.0)
    rspec-rails (3.2.3)
      actionpack (>= 3.0, < 4.3)
      activesupport (>= 3.0, < 4.3)
      railties (>= 3.0, < 4.3)
      rspec-core (~> 3.2.0)
      rspec-expectations (~> 3.2.0)
      rspec-mocks (~> 3.2.0)
      rspec-support (~> 3.2.0)
    rspec-support (3.2.2)
    ruby-progressbar (1.7.5)
    rvm-capistrano (1.5.6)
      capistrano (~> 2.15.4)
    sdoc (0.4.1)
      json (~> 1.7, >= 1.7.7)
      rdoc (~> 4.0)
    settingslogic (2.0.9)
    shellany (0.0.1)
    simplecov (0.10.0)
      docile (~> 1.1.0)
      json (~> 1.8)
      simplecov-html (~> 0.10.0)
    simplecov-html (0.10.0)
    slop (3.6.0)
    sprockets (3.2.0)
      rack (~> 1.0)
    sprockets-rails (2.3.2)
      actionpack (>= 3.0)
      activesupport (>= 3.0)
      sprockets (>= 2.8, < 4.0)
    test-unit (3.1.3)
      power_assert
    thor (0.19.1)
    thread_safe (0.3.5)
    tzinfo (1.2.2)
      thread_safe (~> 0.1)
    uuidtools (2.1.5)
    warden (1.2.3)
      rack (>= 1.0)
    web-console (2.2.1)
      activemodel (>= 4.0)
      binding_of_caller (>= 0.7.2)
      railties (>= 4.0)
      sprockets-rails (>= 2.0, < 4.0)
    whenever (0.9.4)
      chronic (>= 0.6.3)
    yard (0.8.7.6)

PLATFORMS
  ruby

DEPENDENCIES
  aws-sdk (~> 2.1.10)
  bond
  byebug
  capistrano
  dalli
  erubis
  fuubar (~> 2.0.0)
  guard-bundler
  guard-rails
  guard-test
  hashie
  hirb
  ice_nine
  kgio
  libnotify
  logstasher (~> 0.6.2)
  occi-core (~> 4.3.2)
  opennebula (~> 4.4.0)
  ox
  passenger (~> 4.0.59)
  pry-rails
  pry-rescue
  pry-stack_explorer
  rack-cors
  rails (~> 4.2.3)
  rails-api (~> 0.4.0)
  rake (~> 10.3.2)
  rb-inotify
  redcarpet
  responders (~> 2.1.0)
  rspec-rails (~> 3.2.0)
  rvm-capistrano
  sdoc
  simplecov
  warden (~> 1.2.3)
  web-console (~> 2.0)
  whenever
  yard

BUNDLED WITH
   1.10.5
