GIT
  remote: git://github.com/arax/logstasher.git
  revision: 1c7bf1d6faab03062cd656eb67694677c87f5765
  branch: master
  specs:
    logstasher (0.6.2)
      logstash-event (~> 1.1.0)
      request_store

GIT
  remote: https://github.com/arax/openssl-cms.git
  revision: b6d079c076a9b8e15c573bf6660772ee83e34dd4
  branch: ruby_1_9_3
  specs:
    openssl_cms_1_9_3 (0.0.2)

GIT
  remote: https://github.com/arax/openssl-cms.git
  revision: 7fea071f542ff1cb57c28dffe623122848ed3f99
  branch: ruby_2_0_0
  specs:
    openssl_cms_2_0_0 (0.0.2)

GIT
  remote: https://github.com/arax/openssl-cms.git
  revision: 608171749c872abb289ca9d1ae1248e23873590b
  branch: ruby_2_1
  specs:
    openssl_cms_2_1 (0.0.3)

GIT
  remote: https://github.com/arax/openssl-cms.git
  revision: b96bbdd03a9e24816642275d030618947091106e
  branch: ruby_2_2
  specs:
    openssl_cms_2_2 (0.0.3)

GEM
  remote: https://rubygems.org/
  specs:
    actionmailer (4.1.9)
      actionpack (= 4.1.9)
      actionview (= 4.1.9)
      mail (~> 2.5, >= 2.5.4)
    actionpack (4.1.9)
      actionview (= 4.1.9)
      activesupport (= 4.1.9)
      rack (~> 1.5.2)
      rack-test (~> 0.6.2)
    actionview (4.1.9)
      activesupport (= 4.1.9)
      builder (~> 3.1)
      erubis (~> 2.7.0)
    activemodel (4.1.9)
      activesupport (= 4.1.9)
      builder (~> 3.1)
    activerecord (4.1.9)
      activemodel (= 4.1.9)
      activesupport (= 4.1.9)
      arel (~> 5.0.0)
    activesupport (4.1.9)
      i18n (~> 0.6, >= 0.6.9)
      json (~> 1.7, >= 1.7.7)
      minitest (~> 5.1)
      thread_safe (~> 0.1)
      tzinfo (~> 1.1)
    arel (5.0.1.20140414130214)
    aws-sdk-core (2.0.21)
      builder (~> 3.0)
      jmespath (~> 1.0)
      multi_json (~> 1.0)
      multi_xml (~> 0.5)
    binding_of_caller (0.7.2)
      debug_inspector (>= 0.0.1)
    bond (0.5.1)
    builder (3.2.2)
    byebug (3.5.1)
      columnize (~> 0.8)
      debugger-linecache (~> 1.2)
      slop (~> 3.6)
    capistrano (2.15.5)
      highline
      net-scp (>= 1.0.0)
      net-sftp (>= 2.0.0)
      net-ssh (>= 2.0.14)
      net-ssh-gateway (>= 1.1.0)
    celluloid (0.16.0)
      timers (~> 4.0.0)
    chronic (0.10.2)
    coderay (1.1.0)
    columnize (0.9.0)
    daemon_controller (1.2.0)
    dalli (2.7.2)
    debug_inspector (0.0.2)
    debugger-linecache (1.2.0)
    diff-lcs (1.2.5)
    docile (1.1.5)
    erubis (2.7.0)
    ffi (1.9.6)
    formatador (0.2.5)
    fuubar (2.0.0)
      rspec (~> 3.0)
      ruby-progressbar (~> 1.4)
    guard (2.11.1)
      formatador (>= 0.2.4)
      listen (~> 2.7)
      lumberjack (~> 1.0)
      nenv (~> 0.1)
      notiffany (~> 0.0)
      pry (>= 0.9.12)
      shellany (~> 0.0)
      thor (>= 0.18.1)
    guard-bundler (2.1.0)
      bundler (~> 1.0)
      guard (~> 2.2)
      guard-compat (~> 1.1)
    guard-compat (1.2.1)
    guard-rails (0.7.0)
      guard (~> 2.0)
    guard-test (2.0.5)
      guard (~> 2.0)
      test-unit (~> 2.2)
    hashie (3.3.2)
    highline (1.6.21)
    hike (1.2.3)
    hirb (0.7.3)
    hitimes (1.2.2)
    i18n (0.7.0)
    ice_nine (0.11.1)
    interception (0.5)
    jmespath (1.0.2)
      multi_json (~> 1.0)
    json (1.8.2)
    kgio (2.9.3)
    libnotify (0.9.1)
      ffi (>= 1.0.11)
    listen (2.8.5)
      celluloid (>= 0.15.2)
      rb-fsevent (>= 0.9.3)
      rb-inotify (>= 0.9)
    logstash-event (1.1.5)
    lumberjack (1.0.9)
    mail (2.6.3)
      mime-types (>= 1.16, < 3)
    method_source (0.8.2)
    mime-types (2.4.3)
    mini_portile (0.6.2)
    minitest (5.5.1)
    multi_json (1.10.1)
    multi_xml (0.5.5)
    nenv (0.2.0)
    net-scp (1.2.1)
      net-ssh (>= 2.6.5)
    net-sftp (2.1.2)
      net-ssh (>= 2.6.5)
    net-ssh (2.9.2)
    net-ssh-gateway (1.2.0)
      net-ssh (>= 2.6.5)
    nokogiri (1.6.6.2)
      mini_portile (~> 0.6.0)
    notiffany (0.0.3)
      nenv (~> 0.1)
      shellany (~> 0.0)
    occi-core (4.3.2)
      activesupport (~> 4.0, >= 4.0.0)
      hashie (~> 3.3, >= 3.3.1)
      json (~> 1.8, >= 1.8.1)
      settingslogic (~> 2.0, >= 2.0.9)
      uuidtools (~> 2.1, >= 2.1.3)
    opennebula (4.4.0)
      json
      nokogiri
    ox (2.1.7)
    passenger (4.0.58)
      daemon_controller (>= 1.2.0)
      rack
      rake (>= 0.8.1)
    pry (0.10.1)
      coderay (~> 1.1.0)
      method_source (~> 0.8.1)
      slop (~> 3.4)
    pry-rails (0.3.2)
      pry (>= 0.9.10)
    pry-rescue (1.4.1)
      interception (>= 0.5)
      pry
    pry-stack_explorer (0.4.9.1)
      binding_of_caller (>= 0.7)
      pry (>= 0.9.11)
    rack (1.5.2)
    rack-cors (0.3.1)
    rack-test (0.6.3)
      rack (>= 1.0)
    rails (4.1.9)
      actionmailer (= 4.1.9)
      actionpack (= 4.1.9)
      actionview (= 4.1.9)
      activemodel (= 4.1.9)
      activerecord (= 4.1.9)
      activesupport (= 4.1.9)
      bundler (>= 1.3.0, < 2.0)
      railties (= 4.1.9)
      sprockets-rails (~> 2.0)
    rails-api (0.3.1)
      actionpack (>= 3.2.11)
      railties (>= 3.2.11)
    railties (4.1.9)
      actionpack (= 4.1.9)
      activesupport (= 4.1.9)
      rake (>= 0.8.7)
      thor (>= 0.18.1, < 2.0)
    rake (10.3.2)
    rb-fsevent (0.9.4)
    rb-inotify (0.9.5)
      ffi (>= 0.5.0)
    rdoc (4.2.0)
      json (~> 1.4)
    redcarpet (3.2.2)
    request_store (1.1.0)
    rspec (3.1.0)
      rspec-core (~> 3.1.0)
      rspec-expectations (~> 3.1.0)
      rspec-mocks (~> 3.1.0)
    rspec-core (3.1.7)
      rspec-support (~> 3.1.0)
    rspec-expectations (3.1.2)
      diff-lcs (>= 1.2.0, < 2.0)
      rspec-support (~> 3.1.0)
    rspec-mocks (3.1.3)
      rspec-support (~> 3.1.0)
    rspec-rails (3.1.0)
      actionpack (>= 3.0)
      activesupport (>= 3.0)
      railties (>= 3.0)
      rspec-core (~> 3.1.0)
      rspec-expectations (~> 3.1.0)
      rspec-mocks (~> 3.1.0)
      rspec-support (~> 3.1.0)
    rspec-support (3.1.2)
    ruby-progressbar (1.7.1)
    rvm-capistrano (1.5.6)
      capistrano (~> 2.15.4)
    sdoc (0.4.1)
      json (~> 1.7, >= 1.7.7)
      rdoc (~> 4.0)
    settingslogic (2.0.9)
    shellany (0.0.1)
    simplecov (0.9.1)
      docile (~> 1.1.0)
      multi_json (~> 1.0)
      simplecov-html (~> 0.8.0)
    simplecov-html (0.8.0)
    slop (3.6.0)
    sprockets (2.12.3)
      hike (~> 1.2)
      multi_json (~> 1.0)
      rack (~> 1.0)
      tilt (~> 1.1, != 1.3.0)
    sprockets-rails (2.2.4)
      actionpack (>= 3.0)
      activesupport (>= 3.0)
      sprockets (>= 2.8, < 4.0)
    test-unit (2.5.5)
    thor (0.19.1)
    thread_safe (0.3.4)
    tilt (1.4.1)
    timers (4.0.1)
      hitimes
    tzinfo (1.2.2)
      thread_safe (~> 0.1)
    uuidtools (2.1.5)
    warden (1.2.3)
      rack (>= 1.0)
    whenever (0.9.4)
      chronic (>= 0.6.3)
    yard (0.8.7.6)

PLATFORMS
  ruby

DEPENDENCIES
  aws-sdk-core (~> 2.0.21)
  bond
  byebug
  capistrano
  dalli
  erubis
  fuubar (~> 2.0.0)
  guard-bundler
  guard-rails
  guard-test
  hashie
  hirb
  ice_nine
  kgio
  libnotify
  logstasher!
  occi-core (~> 4.3.2)
  opennebula (~> 4.4.0)
  openssl_cms_1_9_3!
  openssl_cms_2_0_0!
  openssl_cms_2_1!
  openssl_cms_2_2!
  ox
  passenger (~> 4.0.58)
  pry-rails
  pry-rescue
  pry-stack_explorer
  rack-cors
  rails (~> 4.1.9)
  rails-api (~> 0.3.1)
  rake (~> 10.3.2)
  rb-inotify
  redcarpet
  rspec-rails (~> 3.1.0)
  rvm-capistrano
  sdoc
  simplecov
  warden (~> 1.2.3)
  whenever
  yard
