GIT
  remote: https://github.com/arax/dm-rails
  revision: 0b12235a43ed4ebdc26b51e7ef4ff7b0ad5d72f4
  branch: release-1.2
  specs:
    dm-rails (1.2.1)
      actionpack (>= 3.0, < 5.0)
      dm-active_model (~> 1.2.0)
      dm-core (~> 1.2.0)
      railties (>= 3.0, < 5.0)

GIT
  remote: https://github.com/arax/dm-yaml-adapter
  revision: 63dff14e2c45e3f5120aef49c91bce1e5e3a3fc5
  branch: release-1.2
  specs:
    dm-yaml-adapter (1.2.1)
      dm-core (~> 1.2.0)
      safe_yaml (~> 0.6.0)

GIT
  remote: https://github.com/datamapper/dm-active_model
  revision: c3b6ee07d40b8e2b4dbd60166a707da45beaefb4
  branch: release-1.2
  specs:
    dm-active_model (1.2.1)
      activemodel (>= 3.0, < 5.0)
      dm-active_model
      dm-core (~> 1.2, >= 1.2.0)

GIT
  remote: https://github.com/datamapper/dm-aggregates
  revision: 278042a49310baf42f18fac85a574e7c88923669
  branch: release-1.2
  specs:
    dm-aggregates (1.2.0)
      dm-core (~> 1.2.0)

GIT
  remote: https://github.com/datamapper/dm-constraints
  revision: 754f0b45d4eaafd5a9f7a2014d88a2b5c97e4dcb
  branch: release-1.2
  specs:
    dm-constraints (1.2.0)
      dm-core (~> 1.2.0)

GIT
  remote: https://github.com/datamapper/dm-core
  revision: 7cc4c145329e81d8b373a37694d050aa197c3699
  branch: release-1.2
  specs:
    dm-core (1.2.1)
      addressable (~> 2.3, >= 2.3.5)

GIT
  remote: https://github.com/datamapper/dm-migrations
  revision: 28bb3b0c3005773ad09e9ee82cf8d45f93a9ec48
  branch: release-1.2
  specs:
    dm-migrations (1.2.0)
      dm-core (~> 1.2.0)

GIT
  remote: https://github.com/datamapper/dm-observer
  revision: e737e29dbc54a6cc04e995066bffa159d696db83
  branch: release-1.2
  specs:
    dm-observer (1.2.0)
      dm-core (~> 1.2.0)

GIT
  remote: https://github.com/datamapper/dm-timestamps
  revision: 1d3e199632c8e97a964f843786a7039e3398f135
  branch: release-1.2
  specs:
    dm-timestamps (1.2.0)
      dm-core (~> 1.2.0)

GIT
  remote: https://github.com/datamapper/dm-transactions
  revision: a400e7ffdca0a358b44698259584bb5c29f9f1b8
  branch: release-1.2
  specs:
    dm-transactions (1.2.0)
      dm-core (~> 1.2.0)

GIT
  remote: https://github.com/datamapper/dm-types
  revision: 613cc5698874bb7a55603e196e1923157e96df08
  branch: release-1.2
  specs:
    dm-types (1.2.2)
      bcrypt-ruby (~> 3.0)
      dm-core (~> 1.2.0)
      fastercsv (~> 1.5)
      json (~> 1.6)
      multi_json (~> 1.0)
      safe_yaml (~> 0.6.1)
      stringex (~> 1.4)
      uuidtools (~> 2.1)

GIT
  remote: https://github.com/datamapper/dm-validations
  revision: b6542e79bb2ea022241ee8cf1e861153824ffda4
  branch: release-1.2
  specs:
    dm-validations (1.2.0)
      dm-core (~> 1.2.0)

GEM
  remote: https://rubygems.org/
  specs:
    actionmailer (4.0.0)
      actionpack (= 4.0.0)
      mail (~> 2.5.3)
    actionpack (4.0.0)
      activesupport (= 4.0.0)
      builder (~> 3.1.0)
      erubis (~> 2.7.0)
      rack (~> 1.5.2)
      rack-test (~> 0.6.2)
    activemodel (4.0.0)
      activesupport (= 4.0.0)
      builder (~> 3.1.0)
    activerecord (4.0.0)
      activemodel (= 4.0.0)
      activerecord-deprecated_finders (~> 1.0.2)
      activesupport (= 4.0.0)
      arel (~> 4.0.0)
    activerecord-deprecated_finders (1.0.3)
    activesupport (4.0.0)
      i18n (~> 0.6, >= 0.6.4)
      minitest (~> 4.2)
      multi_json (~> 1.3)
      thread_safe (~> 0.1)
      tzinfo (~> 0.3.37)
    addressable (2.3.5)
    arel (4.0.0)
    atomic (1.1.13)
    bcrypt-ruby (3.1.1)
    bond (0.4.3)
    builder (3.1.4)
    cancan (1.6.10)
    capistrano (2.15.5)
      highline
      net-scp (>= 1.0.0)
      net-sftp (>= 2.0.0)
      net-ssh (>= 2.0.14)
      net-ssh-gateway (>= 1.1.0)
    chronic (0.9.1)
    coderay (1.0.9)
    columnize (0.3.6)
    daemon_controller (1.1.5)
    debugger (1.6.1)
      columnize (>= 0.3.1)
      debugger-linecache (~> 1.2.0)
      debugger-ruby_core_source (~> 1.2.3)
    debugger-linecache (1.2.0)
    debugger-ruby_core_source (1.2.3)
    diff-lcs (1.2.4)
    erubis (2.7.0)
    fastercsv (1.5.5)
    ffi (1.9.0)
    formatador (0.2.4)
    guard (1.7.0)
      formatador (>= 0.2.4)
      listen (>= 0.6.0)
      lumberjack (>= 1.0.2)
      pry (>= 0.9.10)
      thor (>= 0.14.6)
    guard-bundler (1.0.0)
      bundler (~> 1.0)
      guard (~> 1.1)
    guard-rails (0.4.7)
      guard (>= 0.2.2)
    guard-test (0.8.0)
      guard (>= 1.1)
      test-unit (~> 2.2)
    highline (1.6.19)
    hike (1.2.3)
    hirb (0.7.1)
    i18n (0.6.5)
    jbuilder (1.5.0)
      activesupport (>= 3.0.0)
      multi_json (>= 1.2.0)
    json (1.8.0)
    libnotify (0.8.1)
      ffi (>= 1.0.11)
    listen (0.7.3)
    lumberjack (1.0.4)
    mail (2.5.4)
      mime-types (~> 1.16)
      treetop (~> 1.4.8)
    method_source (0.8.2)
    mime-types (1.23)
    minitest (4.7.5)
    multi_json (1.7.9)
    net-scp (1.1.2)
      net-ssh (>= 2.6.5)
    net-sftp (2.1.2)
      net-ssh (>= 2.6.5)
    net-ssh (2.6.8)
    net-ssh-gateway (1.2.0)
      net-ssh (>= 2.6.5)
    passenger (4.0.10)
      daemon_controller (>= 1.1.0)
      rack
      rake (>= 0.8.1)
    polyglot (0.3.3)
    pry (0.9.12.2)
      coderay (~> 1.0.5)
      method_source (~> 0.8)
      slop (~> 3.4)
    rack (1.5.2)
    rack-test (0.6.2)
      rack (>= 1.0)
    rails (4.0.0)
      actionmailer (= 4.0.0)
      actionpack (= 4.0.0)
      activerecord (= 4.0.0)
      activesupport (= 4.0.0)
      bundler (>= 1.3.0, < 2.0)
      railties (= 4.0.0)
      sprockets-rails (~> 2.0.0)
    railties (4.0.0)
      actionpack (= 4.0.0)
      activesupport (= 4.0.0)
      rake (>= 0.8.7)
      thor (>= 0.18.1, < 2.0)
    rake (10.1.0)
    rb-inotify (0.8.8)
      ffi (>= 0.5.0)
    rdoc (3.12.2)
      json (~> 1.4)
    rspec-core (2.14.5)
    rspec-expectations (2.14.1)
      diff-lcs (>= 1.1.3, < 2.0)
    rspec-mocks (2.14.3)
    rspec-rails (2.14.0)
      actionpack (>= 3.0)
      activesupport (>= 3.0)
      railties (>= 3.0)
      rspec-core (~> 2.14.0)
      rspec-expectations (~> 2.14.0)
      rspec-mocks (~> 2.14.0)
    rvm-capistrano (1.4.4)
      capistrano (>= 2.15.4)
    safe_yaml (0.6.3)
    sdoc (0.3.20)
      json (>= 1.1.3)
      rdoc (~> 3.10)
    simplecov (0.7.1)
      multi_json (~> 1.0)
      simplecov-html (~> 0.7.1)
    simplecov-html (0.7.1)
    slop (3.4.6)
    sprockets (2.10.0)
      hike (~> 1.2)
      multi_json (~> 1.0)
      rack (~> 1.0)
      tilt (~> 1.1, != 1.3.0)
    sprockets-rails (2.0.0)
      actionpack (>= 3.0)
      activesupport (>= 3.0)
      sprockets (~> 2.8)
    stringex (1.5.1)
    test-unit (2.5.5)
    thor (0.18.1)
    thread_safe (0.1.2)
      atomic
    tilt (1.4.1)
    treetop (1.4.14)
      polyglot
      polyglot (>= 0.3.1)
    tzinfo (0.3.37)
    uuidtools (2.1.4)
    whenever (0.8.4)
      activesupport (>= 2.3.4)
      chronic (>= 0.6.3)

PLATFORMS
  ruby

DEPENDENCIES
  bond
  cancan
  capistrano
  debugger
  dm-active_model!
  dm-aggregates!
  dm-constraints!
  dm-core!
  dm-migrations!
  dm-observer!
  dm-rails!
  dm-timestamps!
  dm-transactions!
  dm-types!
  dm-validations!
  dm-yaml-adapter!
  guard-bundler
  guard-rails
  guard-test
  hirb
  jbuilder (~> 1.2)
  libnotify
  passenger
  rails (>= 4.0.0, < 4.1.0)
  rb-inotify (~> 0.8.8)
  rspec-rails (~> 2.0)
  rvm-capistrano
  sdoc
  simplecov
  whenever
