GIT
  remote: git://github.com/hassox/warden.git
  revision: 15f5dfe7444422a82ef17877d69368cb50344803
  branch: master
  specs:
    warden (1.2.3)
      rack (>= 1.0)

GIT
  remote: git://github.com/mongomapper/mongomapper.git
  revision: a0825a5fc27d16c4c914e30f5a4d2f35de30c652
  branch: master
  specs:
    mongo_mapper (0.13.0.beta2)
      activemodel (>= 3.0.0)
      activesupport (>= 3.0)
      mongo (~> 1.8)
      plucky (~> 0.6.5)

GIT
  remote: git://github.com/shadabahmed/logstasher.git
  revision: da83528e099caaf27743b75124d46bf90a2ff7a2
  branch: master
  specs:
    logstasher (0.2.8)
      logstash-event (~> 1.1.0)

GEM
  remote: https://rubygems.org/
  specs:
    actionmailer (4.0.0)
      actionpack (= 4.0.0)
      mail (~> 2.5.3)
    actionpack (4.0.0)
      activesupport (= 4.0.0)
      builder (~> 3.1.0)
      erubis (~> 2.7.0)
      rack (~> 1.5.2)
      rack-test (~> 0.6.2)
    activemodel (4.0.0)
      activesupport (= 4.0.0)
      builder (~> 3.1.0)
    activerecord (4.0.0)
      activemodel (= 4.0.0)
      activerecord-deprecated_finders (~> 1.0.2)
      activesupport (= 4.0.0)
      arel (~> 4.0.0)
    activerecord-deprecated_finders (1.0.3)
    activesupport (4.0.0)
      i18n (~> 0.6, >= 0.6.4)
      minitest (~> 4.2)
      multi_json (~> 1.3)
      thread_safe (~> 0.1)
      tzinfo (~> 0.3.37)
    arel (4.0.0)
    atomic (1.1.14)
    bond (0.4.3)
    bson (1.9.2)
    bson_ext (1.9.2)
      bson (~> 1.9.2)
    builder (3.1.4)
    capistrano (2.15.5)
      highline
      net-scp (>= 1.0.0)
      net-sftp (>= 2.0.0)
      net-ssh (>= 2.0.14)
      net-ssh-gateway (>= 1.1.0)
    chronic (0.10.2)
    coderay (1.0.9)
    columnize (0.3.6)
    daemon_controller (1.1.5)
    debugger (1.6.2)
      columnize (>= 0.3.1)
      debugger-linecache (~> 1.2.0)
      debugger-ruby_core_source (~> 1.2.3)
    debugger-linecache (1.2.0)
    debugger-ruby_core_source (1.2.3)
    diff-lcs (1.2.4)
    erubis (2.7.0)
    ffi (1.9.0)
    formatador (0.2.4)
    fuubar (1.2.1)
      rspec (~> 2.0)
      rspec-instafail (~> 0.2.0)
      ruby-progressbar (~> 1.0)
    guard (1.7.0)
      formatador (>= 0.2.4)
      listen (>= 0.6.0)
      lumberjack (>= 1.0.2)
      pry (>= 0.9.10)
      thor (>= 0.14.6)
    guard-bundler (1.0.0)
      bundler (~> 1.0)
      guard (~> 1.1)
    guard-rails (0.4.7)
      guard (>= 0.2.2)
    guard-test (0.8.0)
      guard (>= 1.1)
      test-unit (~> 2.2)
    hashie (2.0.5)
    highline (1.6.19)
    hike (1.2.3)
    hirb (0.7.1)
    i18n (0.6.5)
    jbuilder (1.5.1)
      activesupport (>= 3.0.0)
      multi_json (>= 1.2.0)
    json (1.8.0)
    libnotify (0.8.2)
      ffi (>= 1.0.11)
    listen (0.7.3)
    logstash-event (1.1.5)
    lumberjack (1.0.4)
    mail (2.5.4)
      mime-types (~> 1.16)
      treetop (~> 1.4.8)
    method_source (0.8.2)
    mime-types (1.25)
    mini_portile (0.5.1)
    minitest (4.7.5)
    mongo (1.9.2)
      bson (~> 1.9.2)
    multi_json (1.8.0)
    net-scp (1.1.2)
      net-ssh (>= 2.6.5)
    net-sftp (2.1.2)
      net-ssh (>= 2.6.5)
    net-ssh (2.7.0)
    net-ssh-gateway (1.2.0)
      net-ssh (>= 2.6.5)
    nokogiri (1.6.0)
      mini_portile (~> 0.5.0)
    occi-core (4.1.2)
      activesupport (~> 4.0.0)
      hashie
      json
      nokogiri (~> 1.6.0)
      settingslogic
      uuidtools (>= 2.1.3)
    passenger (4.0.19)
      daemon_controller (>= 1.1.0)
      rack
      rake (>= 0.8.1)
    plucky (0.6.6)
      mongo (~> 1.5)
    polyglot (0.3.3)
    pry (0.9.12.2)
      coderay (~> 1.0.5)
      method_source (~> 0.8)
      slop (~> 3.4)
    rack (1.5.2)
    rack-test (0.6.2)
      rack (>= 1.0)
    rails (4.0.0)
      actionmailer (= 4.0.0)
      actionpack (= 4.0.0)
      activerecord (= 4.0.0)
      activesupport (= 4.0.0)
      bundler (>= 1.3.0, < 2.0)
      railties (= 4.0.0)
      sprockets-rails (~> 2.0.0)
    rails-api (0.1.0)
      actionpack (>= 3.2.11)
      railties (>= 3.2.11)
      tzinfo (~> 0.3.31)
    railties (4.0.0)
      actionpack (= 4.0.0)
      activesupport (= 4.0.0)
      rake (>= 0.8.7)
      thor (>= 0.18.1, < 2.0)
    rake (10.1.0)
    rb-inotify (0.8.8)
      ffi (>= 0.5.0)
    rdoc (3.12.2)
      json (~> 1.4)
    rspec (2.14.1)
      rspec-core (~> 2.14.0)
      rspec-expectations (~> 2.14.0)
      rspec-mocks (~> 2.14.0)
    rspec-core (2.14.5)
    rspec-expectations (2.14.3)
      diff-lcs (>= 1.1.3, < 2.0)
    rspec-instafail (0.2.4)
    rspec-mocks (2.14.3)
    rspec-rails (2.14.0)
      actionpack (>= 3.0)
      activesupport (>= 3.0)
      railties (>= 3.0)
      rspec-core (~> 2.14.0)
      rspec-expectations (~> 2.14.0)
      rspec-mocks (~> 2.14.0)
    ruby-progressbar (1.2.0)
    rvm-capistrano (1.5.0)
      capistrano (>= 2.15.4)
    sdoc (0.3.20)
      json (>= 1.1.3)
      rdoc (~> 3.10)
    settingslogic (2.0.9)
    simplecov (0.7.1)
      multi_json (~> 1.0)
      simplecov-html (~> 0.7.1)
    simplecov-html (0.7.1)
    slop (3.4.6)
    sprockets (2.10.0)
      hike (~> 1.2)
      multi_json (~> 1.0)
      rack (~> 1.0)
      tilt (~> 1.1, != 1.3.0)
    sprockets-rails (2.0.0)
      actionpack (>= 3.0)
      activesupport (>= 3.0)
      sprockets (~> 2.8)
    test-unit (2.5.5)
    thor (0.18.1)
    thread_safe (0.1.3)
      atomic
    tilt (1.4.1)
    treetop (1.4.15)
      polyglot
      polyglot (>= 0.3.1)
    tzinfo (0.3.37)
    uuidtools (2.1.4)
    whenever (0.8.4)
      activesupport (>= 2.3.4)
      chronic (>= 0.6.3)

PLATFORMS
  ruby

DEPENDENCIES
  bond
  bson_ext
  capistrano
  debugger
  fuubar
  guard-bundler
  guard-rails
  guard-test
  hirb
  jbuilder (~> 1.2)
  libnotify
  logstasher!
  mongo_mapper!
  occi-core (~> 4.1.0)
  passenger
  rails (~> 4.0.0)
  rails-api (~> 0.1.0)
  rb-inotify (~> 0.8.8)
  rspec-rails (~> 2.0)
  rvm-capistrano
  sdoc
  simplecov
  warden!
  whenever
